GEM
  remote: http://rubygems.org/
  specs:
    crack (0.1.8)
    diff-lcs (1.1.2)
    mime-types (1.16)
    parka (0.4.3)
      crack
      rest-client
      thor
    rcov (0.9.8)
    rest-client (1.6.1)
      mime-types (>= 1.16)
    rr (1.0.0)
    rspec (2.0.0.beta.20)
      rspec-core (= 2.0.0.beta.20)
      rspec-expectations (= 2.0.0.beta.20)
      rspec-mocks (= 2.0.0.beta.20)
    rspec-core (2.0.0.beta.20)
    rspec-expectations (2.0.0.beta.20)
      diff-lcs (>= 1.1.2)
    rspec-mocks (2.0.0.beta.20)
    thor (0.14.0)

PLATFORMS
  ruby

DEPENDENCIES
  parka
  rcov
  rr
  rspec (~> 2.0.0.beta.19)
